NUGET
  remote: https://www.nuget.org/api/v2
    Fluxor (4.1) - restriction: >= netstandard2.0
      Microsoft.Extensions.DependencyInjection.Abstractions (>= 3.1.8) - restriction: >= netstandard2.0
    Fluxor.Blazor.Web (4.1)
      Fluxor (>= 4.1) - restriction: >= netstandard2.0
      Microsoft.AspNetCore.Components (>= 3.1.8) - restriction: >= netstandard2.0
      Microsoft.AspNetCore.Components.Web (>= 3.1.8) - restriction: >= netstandard2.0
    Fluxor.Blazor.Web.ReduxDevTools (4.1)
      Fluxor (>= 4.1) - restriction: >= netstandard2.0
      Fluxor.Blazor.Web (>= 4.1) - restriction: >= netstandard2.0
      Microsoft.AspNetCore.Components (>= 3.1.8) - restriction: >= netstandard2.0
      Microsoft.AspNetCore.Components.Web (>= 3.1.8) - restriction: >= netstandard2.0
      Newtonsoft.Json (>= 12.0.3) - restriction: >= netstandard2.0
    Humanizer.Core (2.11.10) - restriction: >= netstandard2.1
    Microsoft.AspNetCore.Authentication (2.2)
      Microsoft.AspNetCore.Authentication.Core (>= 2.2) - restriction: >= netstandard2.0
      Microsoft.AspNetCore.DataProtection (>= 2.2) - restriction: >= netstandard2.0
      Microsoft.AspNetCore.Http (>= 2.2) - restriction: >= netstandard2.0
      Microsoft.AspNetCore.Http.Extensions (>= 2.2) - restriction: >= netstandard2.0
      Microsoft.Extensions.Logging.Abstractions (>= 2.2) - restriction: >= netstandard2.0
      Microsoft.Extensions.Options (>= 2.2) - restriction: >= netstandard2.0
      Microsoft.Extensions.WebEncoders (>= 2.2) - restriction: >= netstandard2.0
    Microsoft.AspNetCore.Authentication.Abstractions (2.2) - restriction: >= netstandard2.0
      Microsoft.AspNetCore.Http.Abstractions (>= 2.2) - restriction: >= netstandard2.0
      Microsoft.Extensions.Logging.Abstractions (>= 2.2) - restriction: >= netstandard2.0
      Microsoft.Extensions.Options (>= 2.2) - restriction: >= netstandard2.0
    Microsoft.AspNetCore.Authentication.Cookies (2.2) - restriction: >= netstandard2.0
      Microsoft.AspNetCore.Authentication (>= 2.2) - restriction: >= netstandard2.0
    Microsoft.AspNetCore.Authentication.Core (2.2) - restriction: >= netstandard2.0
      Microsoft.AspNetCore.Authentication.Abstractions (>= 2.2) - restriction: >= netstandard2.0
      Microsoft.AspNetCore.Http (>= 2.2) - restriction: >= netstandard2.0
      Microsoft.AspNetCore.Http.Extensions (>= 2.2) - restriction: >= netstandard2.0
    Microsoft.AspNetCore.Authentication.JwtBearer (5.0.9)
      Microsoft.IdentityModel.Protocols.OpenIdConnect (>= 6.7.1) - restriction: >= net5.0
    Microsoft.AspNetCore.Authorization (5.0.9) - restriction: || (>= net5.0) (&& (< netcoreapp3.0) (>= netstandard2.0))
      Microsoft.AspNetCore.Metadata (>= 5.0.9) - restriction: || (>= net461) (>= netstandard2.0)
      Microsoft.Extensions.Logging.Abstractions (>= 5.0) - restriction: || (>= net461) (>= netstandard2.0)
      Microsoft.Extensions.Options (>= 5.0) - restriction: || (>= net461) (>= netstandard2.0)
    Microsoft.AspNetCore.Authorization.Policy (2.2) - restriction: && (< netcoreapp3.0) (>= netstandard2.0)
      Microsoft.AspNetCore.Authentication.Abstractions (>= 2.2) - restriction: >= netstandard2.0
      Microsoft.AspNetCore.Authorization (>= 2.2) - restriction: >= netstandard2.0
    Microsoft.AspNetCore.Components (5.0.9) - restriction: >= netstandard2.0
      Microsoft.AspNetCore.Authorization (>= 5.0.9) - restriction: >= net5.0
      Microsoft.AspNetCore.Components.Analyzers (>= 5.0.9) - restriction: >= net5.0
    Microsoft.AspNetCore.Components.Analyzers (5.0.9) - restriction: >= net5.0
    Microsoft.AspNetCore.Components.Forms (5.0.9) - restriction: >= net5.0
      Microsoft.AspNetCore.Components (>= 5.0.9) - restriction: >= net5.0
    Microsoft.AspNetCore.Components.Web (5.0.9) - restriction: >= netstandard2.0
      Microsoft.AspNetCore.Components (>= 5.0.9) - restriction: >= net5.0
      Microsoft.AspNetCore.Components.Forms (>= 5.0.9) - restriction: >= net5.0
      Microsoft.Extensions.DependencyInjection (>= 5.0.2) - restriction: >= net5.0
      Microsoft.JSInterop (>= 5.0.9) - restriction: >= net5.0
      System.IO.Pipelines (>= 5.0.1) - restriction: >= net5.0
    Microsoft.AspNetCore.Components.WebAssembly (5.0.9)
      Microsoft.AspNetCore.Components.Web (>= 5.0.9) - restriction: >= net5.0
      Microsoft.Extensions.Configuration.Binder (>= 5.0) - restriction: >= net5.0
      Microsoft.Extensions.Configuration.Json (>= 5.0) - restriction: >= net5.0
      Microsoft.Extensions.Logging (>= 5.0) - restriction: >= net5.0
      Microsoft.JSInterop.WebAssembly (>= 5.0.9) - restriction: >= net5.0
    Microsoft.AspNetCore.Components.WebAssembly.DevServer (5.0.9)
    Microsoft.AspNetCore.Components.WebAssembly.Server (5.0.9)
    Microsoft.AspNetCore.Cors (2.2)
      Microsoft.AspNetCore.Http.Extensions (>= 2.2) - restriction: >= netstandard2.0
      Microsoft.Extensions.Configuration.Abstractions (>= 2.2) - restriction: >= netstandard2.0
      Microsoft.Extensions.DependencyInjection.Abstractions (>= 2.2) - restriction: >= netstandard2.0
      Microsoft.Extensions.Logging.Abstractions (>= 2.2) - restriction: >= netstandard2.0
      Microsoft.Extensions.Options (>= 2.2) - restriction: >= netstandard2.0
    Microsoft.AspNetCore.Cryptography.Internal (5.0.9) - restriction: >= netstandard2.0
    Microsoft.AspNetCore.Cryptography.KeyDerivation (5.0.9) - restriction: || (>= net461) (>= netstandard2.0)
      Microsoft.AspNetCore.Cryptography.Internal (>= 5.0.9) - restriction: || (>= net461) (>= netstandard2.0)
    Microsoft.AspNetCore.DataProtection (5.0.9) - restriction: >= netstandard2.0
      Microsoft.AspNetCore.Cryptography.Internal (>= 5.0.9) - restriction: || (>= net461) (>= netstandard2.0)
      Microsoft.AspNetCore.DataProtection.Abstractions (>= 5.0.9) - restriction: || (>= net461) (>= netstandard2.0)
      Microsoft.Extensions.DependencyInjection.Abstractions (>= 5.0) - restriction: || (>= net461) (>= netstandard2.0)
      Microsoft.Extensions.Hosting.Abstractions (>= 5.0) - restriction: || (>= net461) (>= netstandard2.0)
      Microsoft.Extensions.Logging.Abstractions (>= 5.0) - restriction: || (>= net461) (>= netstandard2.0)
      Microsoft.Extensions.Options (>= 5.0) - restriction: || (>= net461) (>= netstandard2.0)
      Microsoft.Win32.Registry (>= 5.0) - restriction: || (>= net461) (>= netstandard2.0)
      System.Runtime.InteropServices.RuntimeInformation (>= 4.3) - restriction: >= net461
      System.Security.Cryptography.Xml (>= 5.0) - restriction: || (>= net461) (>= netstandard2.0)
      System.Security.Principal.Windows (>= 5.0) - restriction: && (< net461) (< net5.0) (>= netstandard2.0)
    Microsoft.AspNetCore.DataProtection.Abstractions (5.0.9) - restriction: >= netstandard2.0
    Microsoft.AspNetCore.Hosting.Abstractions (2.2) - restriction: >= netstandard2.0
      Microsoft.AspNetCore.Hosting.Server.Abstractions (>= 2.2) - restriction: >= netstandard2.0
      Microsoft.AspNetCore.Http.Abstractions (>= 2.2) - restriction: >= netstandard2.0
      Microsoft.Extensions.Hosting.Abstractions (>= 2.2) - restriction: >= netstandard2.0
    Microsoft.AspNetCore.Hosting.Server.Abstractions (2.2) - restriction: >= netstandard2.0
      Microsoft.AspNetCore.Http.Features (>= 2.2) - restriction: >= netstandard2.0
      Microsoft.Extensions.Configuration.Abstractions (>= 2.2) - restriction: >= netstandard2.0
    Microsoft.AspNetCore.Http (2.2.2) - restriction: >= netstandard2.0
      Microsoft.AspNetCore.Http.Abstractions (>= 2.2) - restriction: >= netstandard2.0
      Microsoft.AspNetCore.WebUtilities (>= 2.2) - restriction: >= netstandard2.0
      Microsoft.Extensions.ObjectPool (>= 2.2) - restriction: >= netstandard2.0
      Microsoft.Extensions.Options (>= 2.2) - restriction: >= netstandard2.0
      Microsoft.Net.Http.Headers (>= 2.2) - restriction: >= netstandard2.0
    Microsoft.AspNetCore.Http.Abstractions (2.2) - restriction: >= netstandard2.0
      Microsoft.AspNetCore.Http.Features (>= 2.2) - restriction: >= netstandard2.0
      System.Text.Encodings.Web (>= 4.5) - restriction: >= netstandard2.0
    Microsoft.AspNetCore.Http.Extensions (2.2) - restriction: >= netstandard2.0
      Microsoft.AspNetCore.Http.Abstractions (>= 2.2) - restriction: >= netstandard2.0
      Microsoft.Extensions.FileProviders.Abstractions (>= 2.2) - restriction: >= netstandard2.0
      Microsoft.Net.Http.Headers (>= 2.2) - restriction: >= netstandard2.0
      System.Buffers (>= 4.5) - restriction: >= netstandard2.0
    Microsoft.AspNetCore.Http.Features (5.0.9) - restriction: >= netstandard2.0
      Microsoft.Extensions.Primitives (>= 5.0.1) - restriction: || (>= net461) (>= netstandard2.0)
      System.IO.Pipelines (>= 5.0.1) - restriction: || (>= net461) (>= netstandard2.0)
    Microsoft.AspNetCore.Identity (2.2)
      Microsoft.AspNetCore.Authentication.Cookies (>= 2.2) - restriction: >= netstandard2.0
      Microsoft.AspNetCore.Cryptography.KeyDerivation (>= 2.2) - restriction: >= netstandard2.0
      Microsoft.AspNetCore.Hosting.Abstractions (>= 2.2) - restriction: >= netstandard2.0
      Microsoft.Extensions.Identity.Core (>= 2.2) - restriction: >= netstandard2.0
    Microsoft.AspNetCore.Identity.EntityFrameworkCore (5.0.9)
      Microsoft.EntityFrameworkCore.Relational (>= 5.0.9) - restriction: >= netstandard2.1
      Microsoft.Extensions.Identity.Stores (>= 5.0.9) - restriction: >= netstandard2.1
    Microsoft.AspNetCore.JsonPatch (5.0.9)
      Microsoft.CSharp (>= 4.7) - restriction: || (>= net461) (>= netstandard2.0)
      Newtonsoft.Json (>= 12.0.2) - restriction: || (>= net461) (>= netstandard2.0)
    Microsoft.AspNetCore.Metadata (5.0.9) - restriction: >= net5.0
    Microsoft.AspNetCore.Mvc.Abstractions (2.2) - restriction: && (< netcoreapp3.0) (>= netstandard2.0)
      Microsoft.AspNetCore.Routing.Abstractions (>= 2.2) - restriction: >= netstandard2.0
      Microsoft.Net.Http.Headers (>= 2.2) - restriction: >= netstandard2.0
    Microsoft.AspNetCore.Mvc.ApiExplorer (2.2) - restriction: && (< netcoreapp3.0) (>= netstandard2.0)
      Microsoft.AspNetCore.Mvc.Core (>= 2.2) - restriction: >= netstandard2.0
    Microsoft.AspNetCore.Mvc.Core (2.2.5) - restriction: && (< netcoreapp3.0) (>= netstandard2.0)
      Microsoft.AspNetCore.Authentication.Core (>= 2.2) - restriction: >= netstandard2.0
      Microsoft.AspNetCore.Authorization.Policy (>= 2.2) - restriction: >= netstandard2.0
      Microsoft.AspNetCore.Hosting.Abstractions (>= 2.2) - restriction: >= netstandard2.0
      Microsoft.AspNetCore.Http (>= 2.2) - restriction: >= netstandard2.0
      Microsoft.AspNetCore.Http.Extensions (>= 2.2) - restriction: >= netstandard2.0
      Microsoft.AspNetCore.Mvc.Abstractions (>= 2.2) - restriction: >= netstandard2.0
      Microsoft.AspNetCore.ResponseCaching.Abstractions (>= 2.2) - restriction: >= netstandard2.0
      Microsoft.AspNetCore.Routing (>= 2.2) - restriction: >= netstandard2.0
      Microsoft.AspNetCore.Routing.Abstractions (>= 2.2) - restriction: >= netstandard2.0
      Microsoft.Extensions.DependencyInjection (>= 2.2) - restriction: >= netstandard2.0
      Microsoft.Extensions.DependencyModel (>= 2.1) - restriction: >= netstandard2.0
      Microsoft.Extensions.FileProviders.Abstractions (>= 2.2) - restriction: >= netstandard2.0
      Microsoft.Extensions.Logging.Abstractions (>= 2.2) - restriction: >= netstandard2.0
      System.Diagnostics.DiagnosticSource (>= 4.5) - restriction: >= netstandard2.0
      System.Threading.Tasks.Extensions (>= 4.5.1) - restriction: >= netstandard2.0
    Microsoft.AspNetCore.Mvc.DataAnnotations (2.2) - restriction: && (< netcoreapp3.0) (>= netstandard2.0)
      Microsoft.AspNetCore.Mvc.Core (>= 2.2) - restriction: >= netstandard2.0
      Microsoft.Extensions.Localization (>= 2.2) - restriction: >= netstandard2.0
      System.ComponentModel.Annotations (>= 4.5) - restriction: >= netstandard2.0
    Microsoft.AspNetCore.Mvc.NewtonsoftJson (5.0.9)
      Microsoft.AspNetCore.JsonPatch (>= 5.0.9) - restriction: >= net5.0
      Newtonsoft.Json (>= 12.0.2) - restriction: >= net5.0
      Newtonsoft.Json.Bson (>= 1.0.2) - restriction: >= net5.0
    Microsoft.AspNetCore.ResponseCaching.Abstractions (2.2) - restriction: && (< netcoreapp3.0) (>= netstandard2.0)
      Microsoft.Extensions.Primitives (>= 2.2) - restriction: >= netstandard2.0
    Microsoft.AspNetCore.Routing (2.2.2) - restriction: && (< netcoreapp3.0) (>= netstandard2.0)
      Microsoft.AspNetCore.Http.Extensions (>= 2.2) - restriction: >= netstandard2.0
      Microsoft.AspNetCore.Routing.Abstractions (>= 2.2) - restriction: >= netstandard2.0
      Microsoft.Extensions.Logging.Abstractions (>= 2.2) - restriction: >= netstandard2.0
      Microsoft.Extensions.ObjectPool (>= 2.2) - restriction: >= netstandard2.0
      Microsoft.Extensions.Options (>= 2.2) - restriction: >= netstandard2.0
    Microsoft.AspNetCore.Routing.Abstractions (2.2) - restriction: && (< netcoreapp3.0) (>= netstandard2.0)
      Microsoft.AspNetCore.Http.Abstractions (>= 2.2) - restriction: >= netstandard2.0
    Microsoft.AspNetCore.StaticFiles (2.2) - restriction: && (< netcoreapp3.0) (>= netstandard2.0)
      Microsoft.AspNetCore.Hosting.Abstractions (>= 2.2) - restriction: >= netstandard2.0
      Microsoft.AspNetCore.Http.Extensions (>= 2.2) - restriction: >= netstandard2.0
      Microsoft.Extensions.FileProviders.Abstractions (>= 2.2) - restriction: >= netstandard2.0
      Microsoft.Extensions.Logging.Abstractions (>= 2.2) - restriction: >= netstandard2.0
      Microsoft.Extensions.WebEncoders (>= 2.2) - restriction: >= netstandard2.0
    Microsoft.AspNetCore.WebUtilities (2.2) - restriction: >= netstandard2.0
      Microsoft.Net.Http.Headers (>= 2.2) - restriction: >= netstandard2.0
      System.Text.Encodings.Web (>= 4.5) - restriction: >= netstandard2.0
    Microsoft.Bcl.AsyncInterfaces (5.0) - restriction: || (&& (>= monoandroid) (< netstandard2.0) (>= netstandard2.1)) (&& (< monoandroid) (>= netcoreapp2.0) (< netcoreapp2.1) (>= netstandard2.1) (< xamarinios) (< xamarinmac) (< xamarintvos) (< xamarinwatchos)) (&& (< monoandroid) (>= netcoreapp2.0) (< netcoreapp2.1) (< netstandard2.1) (< xamarintvos) (< xamarinwatchos)) (&& (< monoandroid) (>= netcoreapp2.1) (< netcoreapp3.0) (>= netstandard2.1) (< xamarinios) (< xamarinmac) (< xamarintvos) (< xamarinwatchos)) (&& (>= monotouch) (>= netstandard2.0)) (&& (>= monotouch) (>= netstandard2.1)) (>= net461) (&& (< netcoreapp2.0) (>= netstandard2.0) (< netstandard2.1) (< xamarintvos) (< xamarinwatchos)) (&& (< netcoreapp2.0) (>= netstandard2.1) (< xamarinios) (< xamarinmac) (< xamarintvos) (< xamarinwatchos)) (&& (< netcoreapp2.0) (>= xamarinios)) (&& (< netcoreapp2.0) (>= xamarinmac)) (&& (>= netcoreapp2.1) (< netstandard2.1)) (&& (< netcoreapp2.1) (>= netstandard2.0) (< netstandard2.1)) (&& (>= netstandard2.0) (>= uap10.1)) (&& (< netstandard2.0) (>= netstandard2.1) (>= xamarintvos)) (&& (< netstandard2.0) (>= netstandard2.1) (>= xamarinwatchos)) (&& (>= netstandard2.1) (>= uap10.1))
      System.Threading.Tasks.Extensions (>= 4.5.4) - restriction: || (>= net461) (&& (< netcoreapp2.1) (>= netstandard2.0) (< netstandard2.1))
    Microsoft.CSharp (4.7) - restriction: || (>= net461) (>= netstandard2.0)
    Microsoft.EntityFrameworkCore (5.0.9) - restriction: >= netstandard2.1
      Microsoft.EntityFrameworkCore.Abstractions (>= 5.0.9) - restriction: >= netstandard2.1
      Microsoft.EntityFrameworkCore.Analyzers (>= 5.0.9) - restriction: >= netstandard2.1
      Microsoft.Extensions.Caching.Memory (>= 5.0) - restriction: >= netstandard2.1
      Microsoft.Extensions.DependencyInjection (>= 5.0.2) - restriction: >= netstandard2.1
      Microsoft.Extensions.Logging (>= 5.0) - restriction: >= netstandard2.1
      System.Collections.Immutable (>= 5.0) - restriction: >= netstandard2.1
      System.ComponentModel.Annotations (>= 5.0) - restriction: >= netstandard2.1
      System.Diagnostics.DiagnosticSource (>= 5.0.1) - restriction: >= netstandard2.1
    Microsoft.EntityFrameworkCore.Abstractions (5.0.9) - restriction: >= netstandard2.1
    Microsoft.EntityFrameworkCore.Analyzers (5.0.9) - restriction: >= netstandard2.1
    Microsoft.EntityFrameworkCore.Design (5.0.9)
      Humanizer.Core (>= 2.8.26) - restriction: >= netstandard2.1
      Microsoft.CSharp (>= 4.7) - restriction: >= netstandard2.1
      Microsoft.EntityFrameworkCore.Relational (>= 5.0.9) - restriction: >= netstandard2.1
    Microsoft.EntityFrameworkCore.Relational (5.0.9)
      Microsoft.EntityFrameworkCore (>= 5.0.9) - restriction: >= netstandard2.1
      Microsoft.Extensions.Configuration.Abstractions (>= 5.0) - restriction: >= netstandard2.1
    Microsoft.EntityFrameworkCore.Tools (5.0.9)
      Microsoft.EntityFrameworkCore.Design (>= 5.0.9) - restriction: >= netstandard2.0
    Microsoft.Extensions.ApiDescription.Server (5.0.9) - restriction: >= netstandard2.0
    Microsoft.Extensions.Caching.Abstractions (5.0) - restriction: || (>= net461) (>= netstandard2.0)
      Microsoft.Extensions.Primitives (>= 5.0) - restriction: || (>= net461) (>= netstandard2.0)
    Microsoft.Extensions.Caching.Memory (5.0) - restriction: >= netstandard2.1
      Microsoft.Extensions.Caching.Abstractions (>= 5.0) - restriction: || (>= net461) (>= netstandard2.0)
      Microsoft.Extensions.DependencyInjection.Abstractions (>= 5.0) - restriction: || (>= net461) (>= netstandard2.0)
      Microsoft.Extensions.Logging.Abstractions (>= 5.0) - restriction: || (>= net461) (>= netstandard2.0)
      Microsoft.Extensions.Options (>= 5.0) - restriction: || (>= net461) (>= netstandard2.0)
      Microsoft.Extensions.Primitives (>= 5.0) - restriction: || (>= net461) (>= netstandard2.0)
    Microsoft.Extensions.Configuration (5.0) - restriction: || (>= net461) (>= netstandard2.0)
      Microsoft.Extensions.Configuration.Abstractions (>= 5.0) - restriction: || (>= net461) (>= netstandard2.0)
      Microsoft.Extensions.Primitives (>= 5.0) - restriction: || (>= net461) (>= netstandard2.0)
    Microsoft.Extensions.Configuration.Abstractions (5.0) - restriction: || (>= net461) (&& (>= netcoreapp2.1) (< netstandard2.1)) (&& (< netcoreapp2.1) (>= netstandard2.1)) (>= netstandard2.0)
      Microsoft.Extensions.Primitives (>= 5.0) - restriction: || (>= net461) (>= netstandard2.0)
    Microsoft.Extensions.Configuration.Binder (5.0) - restriction: >= net5.0
      Microsoft.Extensions.Configuration.Abstractions (>= 5.0) - restriction: || (>= net461) (>= netstandard2.0)
    Microsoft.Extensions.Configuration.FileExtensions (5.0) - restriction: || (>= net461) (>= netstandard2.0)
      Microsoft.Extensions.Configuration (>= 5.0) - restriction: || (>= net461) (>= netstandard2.0)
      Microsoft.Extensions.Configuration.Abstractions (>= 5.0) - restriction: || (>= net461) (>= netstandard2.0)
      Microsoft.Extensions.FileProviders.Abstractions (>= 5.0) - restriction: || (>= net461) (>= netstandard2.0)
      Microsoft.Extensions.FileProviders.Physical (>= 5.0) - restriction: || (>= net461) (>= netstandard2.0)
      Microsoft.Extensions.Primitives (>= 5.0) - restriction: || (>= net461) (>= netstandard2.0)
    Microsoft.Extensions.Configuration.Json (5.0)
      Microsoft.Extensions.Configuration (>= 5.0) - restriction: || (>= net461) (>= netstandard2.0)
      Microsoft.Extensions.Configuration.Abstractions (>= 5.0) - restriction: || (>= net461) (>= netstandard2.0)
      Microsoft.Extensions.Configuration.FileExtensions (>= 5.0) - restriction: || (>= net461) (>= netstandard2.0)
      Microsoft.Extensions.FileProviders.Abstractions (>= 5.0) - restriction: || (>= net461) (>= netstandard2.0)
      System.Text.Json (>= 5.0) - restriction: || (>= net461) (&& (< net5.0) (>= netstandard2.1)) (&& (>= netstandard2.0) (< netstandard2.1))
    Microsoft.Extensions.DependencyInjection (5.0.2) - restriction: || (&& (< netcoreapp3.0) (>= netstandard2.0)) (>= netstandard2.1)
      Microsoft.Extensions.DependencyInjection.Abstractions (>= 5.0) - restriction: || (>= net461) (&& (>= netcoreapp2.1) (< netstandard2.1)) (&& (< netcoreapp2.1) (>= netstandard2.0) (< netstandard2.1)) (&& (< netcoreapp2.1) (>= netstandard2.1)) (>= netcoreapp3.0)
    Microsoft.Extensions.DependencyInjection.Abstractions (5.0) - restriction: >= netstandard2.0
    Microsoft.Extensions.DependencyModel (5.0) - restriction: && (< netcoreapp3.0) (>= netstandard2.0)
      System.Buffers (>= 4.5.1) - restriction: || (&& (>= monoandroid) (< netstandard1.3)) (>= monotouch) (&& (< net451) (< netcoreapp2.0) (>= netstandard2.0) (< xamarinios) (< xamarinmac) (< xamarintvos) (< xamarinwatchos)) (>= net461) (&& (< netcoreapp2.0) (>= xamarinios)) (&& (< netcoreapp2.0) (>= xamarinmac)) (&& (< netstandard2.0) (>= xamarintvos)) (&& (< netstandard2.0) (>= xamarinwatchos))
      System.Memory (>= 4.5.4) - restriction: || (&& (< monoandroid) (>= netcoreapp2.0) (< netcoreapp2.1) (< xamarinios) (< xamarinmac) (< xamarintvos) (< xamarinwatchos)) (&& (< net451) (< netcoreapp2.0) (>= netstandard2.0) (< xamarinios) (< xamarinmac) (< xamarintvos) (< xamarinwatchos)) (>= net461) (>= uap10.1)
      System.Runtime.InteropServices.RuntimeInformation (>= 4.3) - restriction: >= net461
      System.Text.Encodings.Web (>= 5.0) - restriction: || (&& (>= monoandroid) (< netstandard1.3)) (&& (< monoandroid) (< net5.0) (>= netcoreapp2.1) (< xamarinios) (< xamarinmac) (< xamarintvos) (< xamarinwatchos)) (&& (< monoandroid) (>= netcoreapp2.0) (< netcoreapp2.1) (< xamarinios) (< xamarinmac) (< xamarintvos) (< xamarinwatchos)) (>= monotouch) (&& (< net451) (< netcoreapp2.0) (>= netstandard2.0) (< xamarinios) (< xamarinmac) (< xamarintvos) (< xamarinwatchos)) (>= net461) (&& (< netcoreapp2.0) (>= xamarinios)) (&& (< netcoreapp2.0) (>= xamarinmac)) (&& (< netstandard2.0) (>= xamarintvos)) (&& (< netstandard2.0) (>= xamarinwatchos)) (>= uap10.1)
      System.Text.Json (>= 5.0) - restriction: || (&& (>= monoandroid) (< netstandard1.3)) (&& (< monoandroid) (< net5.0) (>= netcoreapp2.1) (< xamarinios) (< xamarinmac) (< xamarintvos) (< xamarinwatchos)) (&& (< monoandroid) (>= netcoreapp2.0) (< netcoreapp2.1) (< xamarinios) (< xamarinmac) (< xamarintvos) (< xamarinwatchos)) (>= monotouch) (&& (< net451) (< netcoreapp2.0) (>= netstandard2.0) (< xamarinios) (< xamarinmac) (< xamarintvos) (< xamarinwatchos)) (>= net461) (&& (< netcoreapp2.0) (>= xamarinios)) (&& (< netcoreapp2.0) (>= xamarinmac)) (&& (< netstandard2.0) (>= xamarintvos)) (&& (< netstandard2.0) (>= xamarinwatchos)) (>= uap10.1)
    Microsoft.Extensions.FileProviders.Abstractions (5.0) - restriction: || (>= net461) (&& (>= netcoreapp2.1) (< netstandard2.1)) (&& (< netcoreapp2.1) (>= netstandard2.1)) (>= netstandard2.0)
      Microsoft.Extensions.Primitives (>= 5.0) - restriction: || (>= net461) (>= netstandard2.0)
    Microsoft.Extensions.FileProviders.Embedded (5.0.9) - restriction: && (< netcoreapp3.0) (>= netstandard2.0)
      Microsoft.Extensions.FileProviders.Abstractions (>= 5.0) - restriction: >= netstandard2.0
    Microsoft.Extensions.FileProviders.Physical (5.0) - restriction: || (>= net461) (>= netstandard2.0)
      Microsoft.Extensions.FileProviders.Abstractions (>= 5.0) - restriction: || (>= net461) (>= netstandard2.0)
      Microsoft.Extensions.FileSystemGlobbing (>= 5.0) - restriction: || (>= net461) (>= netstandard2.0)
      Microsoft.Extensions.Primitives (>= 5.0) - restriction: || (>= net461) (>= netstandard2.0)
      System.Security.Cryptography.Algorithms (>= 4.3.1) - restriction: >= net461
    Microsoft.Extensions.FileSystemGlobbing (5.0) - restriction: || (>= net461) (>= netstandard2.0)
    Microsoft.Extensions.Hosting.Abstractions (5.0) - restriction: >= netstandard2.0
      Microsoft.Bcl.AsyncInterfaces (>= 5.0) - restriction: || (>= net461) (&& (>= netcoreapp2.1) (< netstandard2.1)) (&& (< netcoreapp2.1) (>= netstandard2.0) (< netstandard2.1))
      Microsoft.Extensions.Configuration.Abstractions (>= 5.0) - restriction: || (>= net461) (&& (>= netcoreapp2.1) (< netstandard2.1)) (&& (< netcoreapp2.1) (>= netstandard2.0) (< netstandard2.1)) (&& (< netcoreapp2.1) (>= netstandard2.1)) (>= netcoreapp3.0)
      Microsoft.Extensions.DependencyInjection.Abstractions (>= 5.0) - restriction: || (>= net461) (&& (>= netcoreapp2.1) (< netstandard2.1)) (&& (< netcoreapp2.1) (>= netstandard2.0) (< netstandard2.1)) (&& (< netcoreapp2.1) (>= netstandard2.1)) (>= netcoreapp3.0)
      Microsoft.Extensions.FileProviders.Abstractions (>= 5.0) - restriction: || (>= net461) (&& (>= netcoreapp2.1) (< netstandard2.1)) (&& (< netcoreapp2.1) (>= netstandard2.0) (< netstandard2.1)) (&& (< netcoreapp2.1) (>= netstandard2.1)) (>= netcoreapp3.0)
      System.Threading.Tasks.Extensions (>= 4.5.4) - restriction: || (>= net461) (&& (< netcoreapp2.1) (>= netstandard2.0) (< netstandard2.1))
    Microsoft.Extensions.Identity.Core (5.0.9) - restriction: || (>= net461) (>= netstandard2.0)
      Microsoft.AspNetCore.Cryptography.KeyDerivation (>= 5.0.9) - restriction: || (>= net461) (>= netstandard2.0)
      Microsoft.Extensions.Logging (>= 5.0) - restriction: || (>= net461) (>= netstandard2.0)
      Microsoft.Extensions.Options (>= 5.0) - restriction: || (>= net461) (>= netstandard2.0)
      System.ComponentModel.Annotations (>= 5.0) - restriction: || (>= net461) (&& (< net5.0) (>= netstandard2.0))
    Microsoft.Extensions.Identity.Stores (5.0.9)
      Microsoft.Extensions.Caching.Abstractions (>= 5.0) - restriction: || (>= net461) (>= netstandard2.0)
      Microsoft.Extensions.Identity.Core (>= 5.0.9) - restriction: || (>= net461) (>= netstandard2.0)
      Microsoft.Extensions.Logging (>= 5.0) - restriction: || (>= net461) (>= netstandard2.0)
    Microsoft.Extensions.Localization (5.0.9) - restriction: && (< netcoreapp3.0) (>= netstandard2.0)
      Microsoft.Extensions.DependencyInjection.Abstractions (>= 5.0) - restriction: || (>= net461) (>= netstandard2.0)
      Microsoft.Extensions.Localization.Abstractions (>= 5.0.9) - restriction: || (>= net461) (>= netstandard2.0)
      Microsoft.Extensions.Logging.Abstractions (>= 5.0) - restriction: || (>= net461) (>= netstandard2.0)
      Microsoft.Extensions.Options (>= 5.0) - restriction: || (>= net461) (>= netstandard2.0)
    Microsoft.Extensions.Localization.Abstractions (5.0.9) - restriction: || (&& (>= net461) (>= netstandard2.0)) (&& (< netcoreapp3.0) (>= netstandard2.0))
    Microsoft.Extensions.Logging (5.0) - restriction: || (>= net461) (>= netstandard2.0)
      Microsoft.Extensions.DependencyInjection (>= 5.0) - restriction: || (>= net461) (>= netstandard2.0)
      Microsoft.Extensions.DependencyInjection.Abstractions (>= 5.0) - restriction: || (>= net461) (>= netstandard2.0)
      Microsoft.Extensions.Logging.Abstractions (>= 5.0) - restriction: || (>= net461) (>= netstandard2.0)
      Microsoft.Extensions.Options (>= 5.0) - restriction: || (>= net461) (>= netstandard2.0)
    Microsoft.Extensions.Logging.Abstractions (5.0) - restriction: >= netstandard2.0
    Microsoft.Extensions.ObjectPool (5.0.9) - restriction: >= netstandard2.0
    Microsoft.Extensions.Options (5.0) - restriction: || (>= net461) (>= netstandard2.0)
      Microsoft.Extensions.DependencyInjection.Abstractions (>= 5.0) - restriction: || (>= net461) (>= netstandard2.0)
      Microsoft.Extensions.Primitives (>= 5.0) - restriction: || (>= net461) (>= netstandard2.0)
    Microsoft.Extensions.Primitives (5.0.1) - restriction: || (>= net461) (>= netstandard2.0)
      System.Buffers (>= 4.5.1) - restriction: || (&& (>= monoandroid) (< netstandard2.0)) (>= monotouch) (>= net461) (&& (< netcoreapp2.0) (>= netstandard2.0) (< xamarinios) (< xamarinmac) (< xamarintvos) (< xamarinwatchos)) (&& (< netcoreapp2.0) (>= xamarinios)) (&& (< netcoreapp2.0) (>= xamarinmac)) (&& (< netstandard2.0) (>= xamarintvos)) (&& (< netstandard2.0) (>= xamarinwatchos))
      System.Memory (>= 4.5.4) - restriction: || (&& (< monoandroid) (>= netcoreapp2.0) (< netcoreapp2.1) (< xamarinios) (< xamarinmac) (< xamarintvos) (< xamarinwatchos)) (>= net461) (&& (< netcoreapp2.0) (>= netstandard2.0) (< xamarinios) (< xamarinmac) (< xamarintvos) (< xamarinwatchos)) (>= uap10.1)
      System.Runtime.CompilerServices.Unsafe (>= 5.0) - restriction: || (&& (>= monoandroid) (< netstandard2.0)) (&& (< monoandroid) (< net5.0) (>= netcoreapp3.0) (< xamarinios) (< xamarinmac) (< xamarintvos) (< xamarinwatchos)) (&& (< monoandroid) (>= netcoreapp2.0) (< netcoreapp2.1) (< xamarinios) (< xamarinmac) (< xamarintvos) (< xamarinwatchos)) (&& (< monoandroid) (>= netcoreapp2.1) (< netcoreapp3.0) (< xamarinios) (< xamarinmac) (< xamarintvos) (< xamarinwatchos)) (>= monotouch) (>= net461) (&& (< netcoreapp2.0) (>= netstandard2.0) (< xamarinios) (< xamarinmac) (< xamarintvos) (< xamarinwatchos)) (&& (< netcoreapp2.0) (>= xamarinios)) (&& (< netcoreapp2.0) (>= xamarinmac)) (&& (< netstandard2.0) (>= xamarintvos)) (&& (< netstandard2.0) (>= xamarinwatchos)) (>= uap10.1)
    Microsoft.Extensions.WebEncoders (5.0.9) - restriction: >= netstandard2.0
      Microsoft.Extensions.DependencyInjection.Abstractions (>= 5.0) - restriction: || (>= net461) (>= netstandard2.0)
      Microsoft.Extensions.Options (>= 5.0) - restriction: || (>= net461) (>= netstandard2.0)
      System.Text.Encodings.Web (>= 5.0.1) - restriction: || (>= net461) (&& (< net5.0) (>= netstandard2.0))
    Microsoft.IdentityModel.JsonWebTokens (6.12.1) - restriction: >= net5.0
      Microsoft.IdentityModel.Tokens (>= 6.12.1) - restriction: || (&& (>= net45) (< netstandard2.0)) (&& (< net45) (>= netstandard2.0)) (>= net461)
    Microsoft.IdentityModel.Logging (6.12.1) - restriction: || (&& (>= net45) (< netstandard2.0)) (&& (< net45) (>= netstandard2.0)) (>= net461) (>= net5.0)
    Microsoft.IdentityModel.Protocols (6.12.1) - restriction: >= net5.0
      Microsoft.IdentityModel.Logging (>= 6.12.1) - restriction: || (&& (>= net45) (< netstandard2.0)) (&& (< net45) (>= netstandard2.0)) (>= net461)
      Microsoft.IdentityModel.Tokens (>= 6.12.1) - restriction: || (&& (>= net45) (< netstandard2.0)) (&& (< net45) (>= netstandard2.0)) (>= net461)
    Microsoft.IdentityModel.Protocols.OpenIdConnect (6.12.1) - restriction: >= net5.0
      Microsoft.IdentityModel.Protocols (>= 6.12.1) - restriction: || (&& (>= net45) (< netstandard2.0)) (&& (< net45) (>= netstandard2.0)) (>= net461)
      System.IdentityModel.Tokens.Jwt (>= 6.12.1) - restriction: || (&& (>= net45) (< netstandard2.0)) (&& (< net45) (>= netstandard2.0)) (>= net461)
    Microsoft.IdentityModel.Tokens (6.12.1)
      Microsoft.CSharp (>= 4.5) - restriction: && (< net45) (>= netstandard2.0)
      Microsoft.IdentityModel.Logging (>= 6.12.1) - restriction: || (&& (>= net45) (< netstandard2.0)) (&& (< net45) (>= netstandard2.0)) (>= net461)
      System.Security.Cryptography.Cng (>= 4.5) - restriction: && (< net45) (>= netstandard2.0)
    Microsoft.JSInterop (5.0.9) - restriction: >= net5.0
    Microsoft.JSInterop.WebAssembly (5.0.9) - restriction: >= net5.0
      Microsoft.JSInterop (>= 5.0.9) - restriction: >= net5.0
    Microsoft.Net.Http.Headers (2.2.8) - restriction: >= netstandard2.0
      Microsoft.Extensions.Primitives (>= 2.2) - restriction: >= netstandard2.0
      System.Buffers (>= 4.5) - restriction: >= netstandard2.0
    Microsoft.NETCore.Platforms (5.0.2) - restriction: || (&& (>= monoandroid) (>= netstandard1.5) (< netstandard2.0)) (&& (>= monotouch) (< netstandard1.2)) (&& (>= monotouch) (< netstandard1.3)) (&& (>= monotouch) (< netstandard1.5)) (&& (< net45) (>= net461) (< netstandard1.2)) (&& (< net45) (>= net461) (< netstandard1.3)) (&& (< net45) (>= net461) (>= netstandard1.5) (< netstandard2.0)) (&& (< net45) (>= net461) (< netstandard1.5)) (>= netcoreapp2.0) (&& (>= netcoreapp2.1) (< netcoreapp3.0)) (&& (>= netcoreapp3.0) (< xamarinios) (< xamarinmac) (< xamarintvos) (< xamarinwatchos)) (&& (< netstandard1.2) (>= xamarinios)) (&& (< netstandard1.2) (>= xamarinmac)) (&& (< netstandard1.2) (>= xamarintvos)) (&& (< netstandard1.2) (>= xamarinwatchos)) (&& (< netstandard1.3) (>= xamarinios)) (&& (< netstandard1.3) (>= xamarinmac)) (&& (< netstandard1.3) (>= xamarintvos)) (&& (< netstandard1.3) (>= xamarinwatchos)) (&& (< netstandard1.5) (>= xamarinios)) (&& (< netstandard1.5) (>= xamarinmac)) (&& (< netstandard1.5) (>= xamarintvos)) (&& (< netstandard1.5) (>= xamarinwatchos)) (&& (< netstandard2.0) (>= xamarinios)) (&& (< netstandard2.0) (>= xamarinmac))
    Microsoft.NETCore.Targets (5.0) - restriction: || (&& (>= monoandroid) (>= netstandard1.5) (< netstandard2.0)) (&& (>= monotouch) (< netstandard1.2)) (&& (>= monotouch) (< netstandard1.3)) (&& (>= monotouch) (< netstandard1.5)) (&& (< net45) (>= net461) (< netstandard1.2)) (&& (< net45) (>= net461) (< netstandard1.3)) (&& (< net45) (>= net461) (>= netstandard1.5) (< netstandard2.0)) (&& (< net45) (>= net461) (< netstandard1.5)) (&& (< netstandard1.2) (>= xamarinios)) (&& (< netstandard1.2) (>= xamarinmac)) (&& (< netstandard1.2) (>= xamarintvos)) (&& (< netstandard1.2) (>= xamarinwatchos)) (&& (< netstandard1.3) (>= xamarinios)) (&& (< netstandard1.3) (>= xamarinmac)) (&& (< netstandard1.3) (>= xamarintvos)) (&& (< netstandard1.3) (>= xamarinwatchos)) (&& (< netstandard1.5) (>= xamarinios)) (&& (< netstandard1.5) (>= xamarinmac)) (&& (< netstandard1.5) (>= xamarintvos)) (&& (< netstandard1.5) (>= xamarinwatchos)) (&& (< netstandard2.0) (>= xamarinios)) (&& (< netstandard2.0) (>= xamarinmac))
    Microsoft.OpenApi (1.2.3) - restriction: >= netstandard2.0
    Microsoft.Win32.Registry (5.0) - restriction: >= netstandard2.0
      System.Buffers (>= 4.5.1) - restriction: || (&& (>= monoandroid) (< netstandard1.3)) (>= monotouch) (&& (< net46) (< netcoreapp2.0) (>= netstandard2.0)) (>= xamarinios) (>= xamarinmac) (>= xamarintvos) (>= xamarinwatchos)
      System.Memory (>= 4.5.4) - restriction: || (&& (< monoandroid) (>= netcoreapp2.0) (< netcoreapp2.1) (< xamarinios) (< xamarinmac) (< xamarintvos) (< xamarinwatchos)) (&& (< net46) (< netcoreapp2.0) (>= netstandard2.0) (< xamarinios) (< xamarinmac) (< xamarintvos) (< xamarinwatchos)) (>= uap10.1)
      System.Security.AccessControl (>= 5.0) - restriction: || (&& (>= monoandroid) (< netstandard1.3)) (&& (< monoandroid) (>= netcoreapp2.0)) (>= monotouch) (&& (< net46) (< netcoreapp2.0) (>= netstandard2.0)) (>= net461) (>= netcoreapp2.1) (>= uap10.1) (>= xamarinios) (>= xamarinmac) (>= xamarintvos) (>= xamarinwatchos)
      System.Security.Principal.Windows (>= 5.0) - restriction: || (&& (>= monoandroid) (< netstandard1.3)) (&& (< monoandroid) (>= netcoreapp2.0)) (>= monotouch) (&& (< net46) (< netcoreapp2.0) (>= netstandard2.0)) (>= net461) (>= netcoreapp2.1) (>= uap10.1) (>= xamarinios) (>= xamarinmac) (>= xamarintvos) (>= xamarinwatchos)
    Microsoft.Win32.SystemEvents (5.0) - restriction: && (>= netcoreapp3.0) (< xamarinios) (< xamarinmac) (< xamarintvos) (< xamarinwatchos)
      Microsoft.NETCore.Platforms (>= 5.0) - restriction: >= netcoreapp2.0
    Newtonsoft.Json (13.0.1) - restriction: || (>= net461) (>= netstandard2.0)
    Newtonsoft.Json.Bson (1.0.2) - restriction: >= net5.0
      Newtonsoft.Json (>= 12.0.1) - restriction: || (>= net45) (>= netstandard1.3)
    Npgsql (5.0.7) - restriction: >= netstandard2.1
      System.Runtime.CompilerServices.Unsafe (>= 4.6) - restriction: >= netstandard2.0
      System.Text.Json (>= 4.6) - restriction: || (&& (< netcoreapp3.1) (>= netstandard2.1)) (&& (>= netstandard2.0) (< netstandard2.1))
      System.Threading.Channels (>= 4.7) - restriction: || (&& (< netcoreapp3.1) (>= netstandard2.1)) (&& (>= netstandard2.0) (< netstandard2.1))
    Npgsql.EntityFrameworkCore.PostgreSQL (5.0.7)
      Microsoft.EntityFrameworkCore (>= 5.0.7) - restriction: >= netstandard2.1
      Microsoft.EntityFrameworkCore.Abstractions (>= 5.0.7) - restriction: >= netstandard2.1
      Microsoft.EntityFrameworkCore.Relational (>= 5.0.7) - restriction: >= netstandard2.1
      Npgsql (>= 5.0.7) - restriction: >= netstandard2.1
    Swashbuckle.AspNetCore (6.1.5)
      Microsoft.Extensions.ApiDescription.Server (>= 3.0) - restriction: >= netstandard2.0
      Swashbuckle.AspNetCore.Swagger (>= 6.1.5) - restriction: >= netstandard2.0
      Swashbuckle.AspNetCore.SwaggerGen (>= 6.1.5) - restriction: >= netstandard2.0
      Swashbuckle.AspNetCore.SwaggerUI (>= 6.1.5) - restriction: >= netstandard2.0
    Swashbuckle.AspNetCore.Swagger (6.1.5) - restriction: >= netstandard2.0
      Microsoft.AspNetCore.Routing (>= 2.1) - restriction: && (< netcoreapp3.0) (>= netstandard2.0)
      Microsoft.OpenApi (>= 1.2.3) - restriction: >= netstandard2.0
    Swashbuckle.AspNetCore.SwaggerGen (6.1.5) - restriction: >= netstandard2.0
      Microsoft.AspNetCore.Mvc.ApiExplorer (>= 2.1) - restriction: && (< netcoreapp3.0) (>= netstandard2.0)
      Microsoft.AspNetCore.Mvc.DataAnnotations (>= 2.1) - restriction: && (< netcoreapp3.0) (>= netstandard2.0)
      Swashbuckle.AspNetCore.Swagger (>= 6.1.5) - restriction: >= netstandard2.0
      System.Text.Json (>= 4.6) - restriction: && (< netcoreapp3.0) (>= netstandard2.0)
    Swashbuckle.AspNetCore.SwaggerUI (6.1.5) - restriction: >= netstandard2.0
      Microsoft.AspNetCore.Routing (>= 2.1) - restriction: && (< netcoreapp3.0) (>= netstandard2.0)
      Microsoft.AspNetCore.StaticFiles (>= 2.1) - restriction: && (< netcoreapp3.0) (>= netstandard2.0)
      Microsoft.Extensions.FileProviders.Embedded (>= 2.1) - restriction: && (< netcoreapp3.0) (>= netstandard2.0)
      System.Text.Json (>= 4.6) - restriction: && (< netcoreapp3.0) (>= netstandard2.0)
    System.Buffers (4.5.1) - restriction: || (>= monoandroid) (>= monotouch) (&& (>= net45) (>= netcoreapp2.0)) (&& (>= net45) (>= uap10.1)) (&& (>= net46) (>= net5.0)) (>= net461) (&& (>= net5.0) (< netcoreapp2.0)) (&& (>= net5.0) (>= xamarinios)) (&& (>= net5.0) (>= xamarinmac)) (&& (>= netcoreapp2.0) (< netstandard1.1)) (&& (>= netcoreapp2.0) (>= wpa81)) (&& (< netcoreapp2.0) (>= netcoreapp2.1) (< netstandard2.1)) (&& (< netcoreapp2.0) (>= xamarinios)) (&& (< netcoreapp2.0) (>= xamarinmac)) (&& (< netstandard1.1) (>= uap10.1)) (>= netstandard2.0) (&& (>= uap10.1) (< win8) (< wpa81)) (&& (>= uap10.1) (>= xamarinios)) (&& (>= uap10.1) (>= xamarinmac)) (>= xamarintvos) (>= xamarinwatchos)
      System.Diagnostics.Debug (>= 4.3) - restriction: && (< net45) (>= netstandard1.1) (< netstandard2.0) (< win8) (< wpa81)
      System.Diagnostics.Tracing (>= 4.3) - restriction: && (< net45) (>= netstandard1.1) (< netstandard2.0) (< win8) (< wpa81)
      System.Resources.ResourceManager (>= 4.3) - restriction: && (< net45) (>= netstandard1.1) (< netstandard2.0) (< win8) (< wpa81)
      System.Runtime (>= 4.3) - restriction: && (< net45) (>= netstandard1.1) (< netstandard2.0) (< win8) (< wpa81)
      System.Threading (>= 4.3) - restriction: && (< net45) (>= netstandard1.1) (< netstandard2.0) (< win8) (< wpa81)
    System.Collections.Immutable (5.0) - restriction: >= netstandard2.1
      System.Memory (>= 4.5.4) - restriction: || (&& (< monoandroid) (< monotouch) (< net45) (>= netstandard1.3) (< netstandard2.0) (< win8) (< wpa81) (< xamarintvos) (< xamarinwatchos)) (&& (< net45) (< netcoreapp2.1) (>= netstandard2.0) (< xamarinios) (< xamarinmac) (< xamarintvos) (< xamarinwatchos)) (&& (>= net46) (< netstandard2.0)) (>= net461) (>= uap10.1)
    System.ComponentModel.Annotations (5.0) - restriction: || (>= net461) (&& (< net5.0) (>= netstandard2.0)) (&& (< netcoreapp3.0) (>= netstandard2.0)) (>= netstandard2.1)
    System.Diagnostics.Debug (4.3) - restriction: || (&& (>= monoandroid) (>= netstandard1.1) (< netstandard2.0)) (>= monotouch) (&& (< net45) (>= net461) (< netstandard2.0)) (&& (< netstandard2.0) (>= xamarinios)) (&& (< netstandard2.0) (>= xamarinmac)) (&& (< netstandard2.0) (>= xamarintvos)) (&& (< netstandard2.0) (>= xamarinwatchos))
    System.Diagnostics.DiagnosticSource (5.0.1) - restriction: || (&& (< netcoreapp3.0) (>= netstandard2.0)) (>= netstandard2.1)
      System.Memory (>= 4.5.4) - restriction: || (&& (< monoandroid) (< monotouch) (< net45) (>= netstandard1.3) (< netstandard2.0) (< win8) (< wpa81) (< xamarintvos) (< xamarinwatchos)) (&& (>= net45) (< netstandard1.3)) (&& (< net45) (< netcoreapp2.1) (>= netstandard2.0) (< xamarinios) (< xamarinmac) (< xamarintvos) (< xamarinwatchos)) (>= net46) (>= uap10.1)
      System.Runtime.CompilerServices.Unsafe (>= 5.0) - restriction: || (&& (>= monoandroid) (< netstandard1.1)) (&& (< monoandroid) (< net45) (>= netstandard1.3) (< netstandard2.0) (< win8) (< wpa81) (< xamarintvos) (< xamarinwatchos)) (&& (< monoandroid) (>= netcoreapp2.1) (< netcoreapp3.0) (< xamarinios) (< xamarinmac) (< xamarintvos) (< xamarinwatchos)) (>= monotouch) (&& (>= net45) (< netstandard1.3)) (&& (< net45) (< netcoreapp2.1) (>= netstandard2.0) (< xamarinios) (< xamarinmac) (< xamarintvos) (< xamarinwatchos)) (>= net46) (&& (< netcoreapp2.1) (>= xamarinios)) (&& (< netcoreapp2.1) (>= xamarinmac)) (&& (< netstandard2.0) (>= xamarintvos)) (&& (< netstandard2.0) (>= xamarinwatchos)) (>= uap10.1)
    System.Diagnostics.Tracing (4.3) - restriction: || (&& (>= monoandroid) (>= netstandard1.1) (< netstandard2.0)) (>= monotouch) (&& (< net45) (>= net461) (< netstandard2.0)) (&& (< netstandard2.0) (>= xamarinios)) (&& (< netstandard2.0) (>= xamarinmac)) (&& (< netstandard2.0) (>= xamarintvos)) (&& (< netstandard2.0) (>= xamarinwatchos))
      Microsoft.NETCore.Platforms (>= 1.1) - restriction: || (&& (< monoandroid) (< net45) (>= netstandard1.1) (< netstandard1.2) (< win8)) (&& (< monoandroid) (< net45) (>= netstandard1.2) (< netstandard1.3) (< win8) (< wpa81)) (&& (< monoandroid) (< net45) (>= netstandard1.3) (< netstandard1.5) (< win8) (< wpa81)) (&& (< monotouch) (< net45) (>= netstandard1.5) (< win8) (< wpa81) (< xamarinios) (< xamarinmac) (< xamarintvos) (< xamarinwatchos))
      Microsoft.NETCore.Targets (>= 1.1) - restriction: || (&& (< monoandroid) (< net45) (>= netstandard1.1) (< netstandard1.2) (< win8)) (&& (< monoandroid) (< net45) (>= netstandard1.2) (< netstandard1.3) (< win8) (< wpa81)) (&& (< monoandroid) (< net45) (>= netstandard1.3) (< netstandard1.5) (< win8) (< wpa81)) (&& (< monotouch) (< net45) (>= netstandard1.5) (< win8) (< wpa81) (< xamarinios) (< xamarinmac) (< xamarintvos) (< xamarinwatchos))
      System.Runtime (>= 4.3) - restriction: || (&& (< monoandroid) (< net45) (>= netstandard1.1) (< netstandard1.2) (< win8)) (&& (< monoandroid) (< net45) (>= netstandard1.2) (< netstandard1.3) (< win8) (< wpa81)) (&& (< monoandroid) (< net45) (>= netstandard1.3) (< netstandard1.5) (< win8) (< wpa81)) (&& (< monotouch) (< net45) (>= netstandard1.5) (< win8) (< wpa81) (< xamarinios) (< xamarinmac) (< xamarintvos) (< xamarinwatchos))
    System.Drawing.Common (5.0.2) - restriction: >= netcoreapp3.0
      Microsoft.Win32.SystemEvents (>= 5.0) - restriction: || (&& (< monoandroid) (>= netcoreapp2.0) (< netcoreapp3.0) (< xamarinios) (< xamarinmac) (< xamarintvos) (< xamarinwatchos)) (&& (>= netcoreapp3.0) (< xamarinios) (< xamarinmac) (< xamarintvos) (< xamarinwatchos))
    System.Formats.Asn1 (5.0) - restriction: || (&& (>= monoandroid) (>= netcoreapp2.1) (< netstandard1.3)) (&& (>= monoandroid) (< netstandard1.3) (>= netstandard2.0)) (&& (< monoandroid) (< net46) (< netcoreapp2.0) (>= netstandard2.0) (< netstandard2.1)) (&& (< monoandroid) (>= netcoreapp2.0) (< netcoreapp2.1) (< netstandard2.1)) (&& (< monoandroid) (< netcoreapp2.0) (>= netcoreapp2.1) (< netstandard2.1)) (&& (>= monotouch) (>= netcoreapp2.0)) (&& (>= monotouch) (>= netcoreapp2.1)) (&& (>= monotouch) (>= netstandard2.0)) (&& (>= monotouch) (>= netstandard2.1)) (&& (>= netcoreapp2.0) (< netcoreapp2.1) (< netstandard2.1) (>= xamarintvos)) (&& (>= netcoreapp2.0) (< netcoreapp2.1) (< netstandard2.1) (>= xamarinwatchos)) (&& (< netcoreapp2.0) (>= netstandard2.1)) (&& (>= netcoreapp2.1) (>= uap10.1)) (&& (>= netcoreapp2.1) (>= xamarintvos)) (&& (>= netcoreapp2.1) (>= xamarinwatchos)) (>= netcoreapp3.0) (&& (>= netstandard2.0) (>= uap10.1)) (&& (>= netstandard2.0) (>= xamarintvos)) (&& (>= netstandard2.0) (>= xamarinwatchos)) (>= xamarinios) (>= xamarinmac)
    System.IdentityModel.Tokens.Jwt (6.12.1) - restriction: >= net5.0
      Microsoft.IdentityModel.JsonWebTokens (>= 6.12.1) - restriction: || (&& (>= net45) (< netstandard2.0)) (&& (< net45) (>= netstandard2.0)) (>= net461)
      Microsoft.IdentityModel.Tokens (>= 6.12.1) - restriction: || (&& (>= net45) (< netstandard2.0)) (&& (< net45) (>= netstandard2.0)) (>= net461)
    System.IO (4.3) - restriction: || (&& (< net46) (>= net461) (< netstandard1.4)) (&& (< net46) (>= net461) (>= netstandard1.6)) (&& (< net46) (>= net461) (< netstandard1.6)) (>= net463)
    System.IO.Pipelines (5.0.1) - restriction: >= netstandard2.0
      System.Buffers (>= 4.5.1) - restriction: || (&& (>= monoandroid) (< netstandard1.3)) (&& (< monoandroid) (< net46) (>= netstandard1.3) (< netstandard2.0) (< uap10.1)) (>= monotouch) (&& (>= net46) (< netstandard2.0)) (&& (< net46) (< netcoreapp2.0) (>= netstandard2.0)) (>= net461) (>= xamarinios) (>= xamarinmac) (>= xamarintvos) (>= xamarinwatchos)
    System.Memory (4.5.4) - restriction: || (&& (< monoandroid) (>= netcoreapp2.0) (< netcoreapp2.1) (< xamarinios) (< xamarinmac) (< xamarintvos) (< xamarinwatchos)) (&& (< monoandroid) (< netcoreapp2.0) (>= netcoreapp2.1) (< netstandard2.1) (< xamarintvos) (< xamarinwatchos)) (&& (< monoandroid) (< netstandard2.0) (>= netstandard2.1) (< xamarintvos) (< xamarinwatchos)) (&& (>= monotouch) (>= netcoreapp2.0)) (&& (>= monotouch) (>= netstandard2.0)) (&& (>= net45) (< netstandard1.3) (>= netstandard2.1)) (&& (< net45) (< netcoreapp2.0) (>= netstandard2.0) (< netstandard2.1)) (&& (>= net46) (>= netstandard2.1)) (>= net461) (&& (>= netcoreapp2.0) (< netcoreapp2.1) (< netstandard2.1)) (&& (< netcoreapp2.0) (>= netstandard2.0) (< netstandard2.1) (< xamarintvos) (< xamarinwatchos)) (&& (< netcoreapp2.0) (>= netstandard2.0) (< xamarinios) (< xamarinmac) (< xamarintvos) (< xamarinwatchos)) (&& (< netcoreapp2.0) (>= netstandard2.1) (< xamarinios) (< xamarinmac) (< xamarintvos) (< xamarinwatchos)) (&& (< netcoreapp2.0) (< netstandard2.1) (>= xamarinios)) (&& (< netcoreapp2.0) (< netstandard2.1) (>= xamarinmac)) (&& (< netcoreapp2.1) (>= netstandard2.1) (< xamarinios) (< xamarinmac) (< xamarintvos) (< xamarinwatchos)) (>= uap10.1)
      System.Buffers (>= 4.5.1) - restriction: || (&& (>= monoandroid) (< netstandard1.1)) (&& (< monoandroid) (< net45) (>= netstandard1.1) (< netstandard2.0) (< win8) (< wpa81)) (&& (< monoandroid) (< netstandard1.1) (>= portable-net45+win8+wpa81) (< win8)) (>= monotouch) (&& (>= net45) (< netstandard2.0)) (&& (< net45) (< netcoreapp2.0) (>= netstandard2.0)) (>= net461) (&& (< netstandard1.1) (>= win8)) (&& (< netstandard2.0) (< uap10.1) (>= wpa81)) (>= xamarinios) (>= xamarinmac) (>= xamarintvos) (>= xamarinwatchos)
      System.Numerics.Vectors (>= 4.4) - restriction: && (< net45) (< netcoreapp2.0) (>= netstandard2.0) (< xamarinios) (< xamarinmac) (< xamarintvos) (< xamarinwatchos)
      System.Numerics.Vectors (>= 4.5) - restriction: >= net461
      System.Runtime.CompilerServices.Unsafe (>= 4.5.3) - restriction: || (&& (>= monoandroid) (< netstandard1.1)) (&& (< monoandroid) (< net45) (>= netstandard1.1) (< netstandard2.0) (< win8) (< wpa81)) (&& (< monoandroid) (>= netcoreapp2.0) (< netcoreapp2.1)) (&& (< monoandroid) (< netstandard1.1) (>= portable-net45+win8+wpa81) (< win8)) (>= monotouch) (&& (>= net45) (< netstandard2.0)) (&& (< net45) (< netcoreapp2.0) (>= netstandard2.0)) (>= net461) (&& (< netstandard1.1) (>= win8)) (&& (< netstandard2.0) (>= wpa81)) (>= uap10.1) (>= xamarinios) (>= xamarinmac) (>= xamarintvos) (>= xamarinwatchos)
    System.Net.Http.Json (5.0)
      System.Buffers (>= 4.5.1) - restriction: || (&& (>= monoandroid) (< netstandard2.0)) (>= monotouch) (>= net461) (&& (< netcoreapp2.0) (>= netstandard2.0) (< xamarinios) (< xamarinmac) (< xamarintvos) (< xamarinwatchos)) (&& (< netcoreapp2.0) (>= xamarinios)) (&& (< netcoreapp2.0) (>= xamarinmac)) (&& (< netstandard2.0) (>= xamarintvos)) (&& (< netstandard2.0) (>= xamarinwatchos))
      System.Memory (>= 4.5.4) - restriction: || (&& (< monoandroid) (>= netcoreapp2.0) (< netcoreapp2.1) (< xamarinios) (< xamarinmac) (< xamarintvos) (< xamarinwatchos)) (>= net461) (&& (< netcoreapp2.0) (>= netstandard2.0) (< xamarinios) (< xamarinmac) (< xamarintvos) (< xamarinwatchos)) (>= uap10.1)
      System.Text.Json (>= 5.0) - restriction: || (&& (>= monoandroid) (< netstandard2.0)) (&& (< monoandroid) (< net5.0) (>= netcoreapp2.1) (< xamarinios) (< xamarinmac) (< xamarintvos) (< xamarinwatchos)) (&& (< monoandroid) (>= netcoreapp2.0) (< netcoreapp2.1) (< xamarinios) (< xamarinmac) (< xamarintvos) (< xamarinwatchos)) (>= monotouch) (>= net461) (&& (< netcoreapp2.0) (>= netstandard2.0) (< xamarinios) (< xamarinmac) (< xamarintvos) (< xamarinwatchos)) (&& (< netcoreapp2.0) (>= xamarinios)) (&& (< netcoreapp2.0) (>= xamarinmac)) (&& (< netstandard2.0) (>= xamarintvos)) (&& (< netstandard2.0) (>= xamarinwatchos)) (>= uap10.1)
      System.Threading.Tasks.Extensions (>= 4.5.4) - restriction: || (&& (< monoandroid) (>= netcoreapp2.0) (< netcoreapp2.1) (< xamarinios) (< xamarinmac) (< xamarintvos) (< xamarinwatchos)) (>= net461) (&& (< netcoreapp2.0) (>= netstandard2.0) (< xamarinios) (< xamarinmac) (< xamarintvos) (< xamarinwatchos)) (>= uap10.1)
    System.Numerics.Vectors (4.5) - restriction: || (>= net461) (&& (< netcoreapp2.0) (>= netstandard2.0) (< netstandard2.1) (< xamarintvos) (< xamarinwatchos)) (&& (< netcoreapp2.0) (>= netstandard2.1) (< xamarinios) (< xamarinmac) (< xamarintvos) (< xamarinwatchos))
    System.Reactive (5.0)
      System.Runtime.InteropServices.WindowsRuntime (>= 4.3) - restriction: && (< net472) (< netcoreapp3.1) (>= netstandard2.0)
      System.Threading.Tasks.Extensions (>= 4.5.4) - restriction: || (>= net472) (&& (< netcoreapp3.1) (>= netstandard2.0)) (>= uap10.1)
    System.Resources.ResourceManager (4.3) - restriction: || (&& (>= monoandroid) (>= netstandard1.1) (< netstandard2.0)) (>= monotouch) (&& (< net45) (>= net461) (< netstandard2.0)) (&& (< netstandard2.0) (>= xamarinios)) (&& (< netstandard2.0) (>= xamarinmac)) (&& (< netstandard2.0) (>= xamarintvos)) (&& (< netstandard2.0) (>= xamarinwatchos))
    System.Runtime (4.3.1) - restriction: || (&& (>= monoandroid) (>= netstandard1.1) (< netstandard2.0)) (&& (>= monoandroid) (>= netstandard1.5) (< netstandard2.0)) (&& (< monoandroid) (< net45) (< netcoreapp3.1) (>= netstandard2.0) (< win8) (< wpa81) (< xamarinios) (< xamarinmac) (< xamarintvos) (< xamarinwatchos)) (>= monotouch) (&& (< net45) (>= net461) (< netstandard1.2)) (&& (< net45) (>= net461) (< netstandard1.3)) (&& (< net45) (>= net461) (< netstandard1.5)) (&& (< net45) (>= net461) (< netstandard2.0)) (&& (< net46) (>= net461) (< netstandard1.4)) (&& (< net46) (>= net461) (>= netstandard1.6)) (&& (< net46) (>= net461) (< netstandard1.6)) (>= net463) (&& (< netstandard1.2) (>= xamarinios)) (&& (< netstandard1.2) (>= xamarinmac)) (&& (< netstandard1.2) (>= xamarintvos)) (&& (< netstandard1.2) (>= xamarinwatchos)) (&& (< netstandard1.3) (>= xamarinios)) (&& (< netstandard1.3) (>= xamarinmac)) (&& (< netstandard1.3) (>= xamarintvos)) (&& (< netstandard1.3) (>= xamarinwatchos)) (&& (< netstandard1.5) (>= xamarinios)) (&& (< netstandard1.5) (>= xamarinmac)) (&& (< netstandard1.5) (>= xamarintvos)) (&& (< netstandard1.5) (>= xamarinwatchos)) (&& (< netstandard2.0) (>= xamarinios)) (&& (< netstandard2.0) (>= xamarinmac)) (&& (< netstandard2.0) (>= xamarintvos)) (&& (< netstandard2.0) (>= xamarinwatchos))
      Microsoft.NETCore.Platforms (>= 1.1.1) - restriction: || (&& (< monoandroid) (< net45) (>= netstandard1.0) (< netstandard1.2) (< win8) (< wp8)) (&& (< monoandroid) (< net45) (>= netstandard1.2) (< netstandard1.3) (< win8) (< wpa81)) (&& (< monoandroid) (< net45) (>= netstandard1.3) (< netstandard1.5) (< win8) (< wpa81)) (&& (< monotouch) (< net45) (>= netstandard1.5) (< win8) (< wpa81) (< xamarinios) (< xamarinmac) (< xamarintvos) (< xamarinwatchos))
      Microsoft.NETCore.Targets (>= 1.1.3) - restriction: || (&& (< monoandroid) (< net45) (>= netstandard1.0) (< netstandard1.2) (< win8) (< wp8)) (&& (< monoandroid) (< net45) (>= netstandard1.2) (< netstandard1.3) (< win8) (< wpa81)) (&& (< monoandroid) (< net45) (>= netstandard1.3) (< netstandard1.5) (< win8) (< wpa81)) (&& (< monotouch) (< net45) (>= netstandard1.5) (< win8) (< wpa81) (< xamarinios) (< xamarinmac) (< xamarintvos) (< xamarinwatchos))
    System.Runtime.CompilerServices.Unsafe (5.0) - restriction: || (&& (>= monoandroid) (< netstandard1.1) (>= netstandard2.0)) (&& (< monoandroid) (>= netcoreapp2.0) (< netcoreapp2.1) (< xamarintvos) (< xamarinwatchos)) (&& (< monoandroid) (>= netcoreapp2.0) (< netstandard1.1)) (&& (< monoandroid) (>= netcoreapp2.0) (< netstandard2.0) (< xamarintvos) (< xamarinwatchos)) (&& (< monoandroid) (>= netcoreapp2.1) (< xamarintvos) (< xamarinwatchos)) (&& (< monoandroid) (>= netcoreapp3.0) (< xamarintvos) (< xamarinwatchos)) (&& (< monoandroid) (< netstandard1.1) (>= netstandard2.0) (< win8)) (&& (>= monotouch) (>= netcoreapp2.0)) (&& (>= monotouch) (>= netstandard2.0)) (&& (>= net45) (>= netcoreapp2.0) (< netstandard2.0)) (>= net461) (&& (>= netcoreapp2.0) (< netstandard1.1) (>= win8)) (&& (>= netcoreapp2.0) (< netstandard2.0) (>= wpa81)) (&& (< netcoreapp2.0) (>= netstandard2.0) (< xamarintvos) (< xamarinwatchos)) (&& (< netcoreapp2.0) (>= xamarinios)) (&& (< netcoreapp2.0) (>= xamarinmac)) (&& (< netcoreapp2.1) (>= xamarinios)) (&& (< netcoreapp2.1) (>= xamarinmac)) (&& (< netstandard1.1) (>= netstandard2.0) (>= win8)) (>= netstandard2.1) (>= uap10.1)
    System.Runtime.InteropServices.RuntimeInformation (4.3) - restriction: && (>= net461) (>= netstandard2.0)
    System.Runtime.InteropServices.WindowsRuntime (4.3) - restriction: && (< net472) (< netcoreapp3.1) (>= netstandard2.0)
      System.Runtime (>= 4.3) - restriction: && (< monoandroid) (< monotouch) (< net45) (>= netstandard1.0) (< win8) (< wp8) (< wpa81) (< xamarinios) (< xamarinmac) (< xamarintvos) (< xamarinwatchos)
    System.Security.AccessControl (5.0) - restriction: || (&& (>= monoandroid) (< netstandard1.3) (>= netstandard2.0)) (&& (< monoandroid) (>= netcoreapp2.0)) (&& (>= monotouch) (>= netstandard2.0)) (&& (< net46) (< netcoreapp2.0) (>= netstandard2.0)) (&& (>= net461) (>= netstandard2.0)) (>= netcoreapp2.1) (&& (>= netstandard2.0) (>= uap10.1)) (&& (>= netstandard2.0) (>= xamarintvos)) (&& (>= netstandard2.0) (>= xamarinwatchos)) (>= xamarinios) (>= xamarinmac)
      Microsoft.NETCore.Platforms (>= 5.0) - restriction: >= netcoreapp2.0
      System.Security.Principal.Windows (>= 5.0) - restriction: || (&& (>= net46) (< netstandard2.0)) (&& (< net46) (>= netstandard1.3) (< netstandard2.0) (< uap10.1)) (&& (< net46) (>= netstandard2.0)) (>= net461) (>= netcoreapp2.0)
    System.Security.Cryptography.Algorithms (4.3.1) - restriction: >= net461
      System.IO (>= 4.3) - restriction: || (&& (< monoandroid) (< net46) (>= netstandard1.3) (< netstandard1.4)) (&& (< monoandroid) (< net46) (>= netstandard1.4) (< netstandard1.6)) (&& (< monotouch) (< net46) (>= netstandard1.6) (< xamarinios) (< xamarinmac) (< xamarintvos) (< xamarinwatchos)) (>= net463)
      System.Runtime (>= 4.3) - restriction: || (&& (< monoandroid) (< net46) (>= netstandard1.3) (< netstandard1.4)) (&& (< monoandroid) (< net46) (>= netstandard1.4) (< netstandard1.6)) (&& (< monotouch) (< net46) (>= netstandard1.6) (< xamarinios) (< xamarinmac) (< xamarintvos) (< xamarinwatchos)) (>= net463)
      System.Security.Cryptography.Encoding (>= 4.3) - restriction: || (&& (< monotouch) (< net46) (>= netstandard1.6) (< xamarinios) (< xamarinmac) (< xamarintvos) (< xamarinwatchos)) (>= net463)
      System.Security.Cryptography.Primitives (>= 4.3) - restriction: || (&& (< monoandroid) (< net46) (>= netstandard1.3) (< netstandard1.4)) (&& (< monoandroid) (< net46) (>= netstandard1.4) (< netstandard1.6)) (&& (< monotouch) (< net46) (>= netstandard1.6) (< xamarinios) (< xamarinmac) (< xamarintvos) (< xamarinwatchos)) (&& (>= net46) (< netstandard1.4)) (&& (>= net461) (< netstandard1.6)) (>= net463)
    System.Security.Cryptography.Cng (5.0) - restriction: || (&& (< monoandroid) (< net46) (< netcoreapp2.0) (>= netstandard2.0) (< netstandard2.1) (< xamarintvos) (< xamarinwatchos)) (&& (< monoandroid) (>= netcoreapp2.0) (< netcoreapp2.1) (< netstandard2.1) (< xamarintvos) (< xamarinwatchos)) (&& (< monoandroid) (>= netcoreapp2.1) (< netstandard2.1) (< xamarintvos) (< xamarinwatchos)) (&& (>= monotouch) (>= netcoreapp2.0)) (&& (>= monotouch) (>= netcoreapp2.1)) (&& (>= monotouch) (>= netcoreapp3.0)) (&& (>= monotouch) (>= netstandard2.0)) (&& (>= monotouch) (>= netstandard2.1)) (&& (< net45) (>= netstandard2.0)) (&& (>= netcoreapp2.0) (< netcoreapp2.1) (< netstandard2.1) (>= xamarinios)) (&& (>= netcoreapp2.0) (< netcoreapp2.1) (< netstandard2.1) (>= xamarinmac)) (&& (< netcoreapp2.0) (>= netstandard2.1) (< xamarinios) (< xamarinmac) (< xamarintvos) (< xamarinwatchos)) (&& (< netcoreapp2.0) (< netstandard2.1) (>= xamarinios)) (&& (< netcoreapp2.0) (< netstandard2.1) (>= xamarinmac)) (&& (>= netcoreapp2.1) (< netstandard2.1) (>= xamarinios)) (&& (>= netcoreapp2.1) (< netstandard2.1) (>= xamarinmac)) (&& (>= netcoreapp3.0) (< xamarinios) (< xamarinmac) (< xamarintvos) (< xamarinwatchos))
      Microsoft.NETCore.Platforms (>= 5.0) - restriction: && (< monoandroid) (>= netcoreapp2.0) (< netcoreapp2.1) (< netstandard2.1) (< xamarintvos) (< xamarinwatchos)
      System.Formats.Asn1 (>= 5.0) - restriction: && (>= netcoreapp3.0) (< xamarinios) (< xamarinmac) (< xamarintvos) (< xamarinwatchos)
    System.Security.Cryptography.Encoding (4.3) - restriction: || (&& (< net46) (>= net461) (>= netstandard1.6)) (>= net463)
    System.Security.Cryptography.Pkcs (5.0.1) - restriction: || (&& (>= monotouch) (>= netstandard2.0)) (&& (< net461) (>= netstandard2.0)) (>= netcoreapp2.1) (&& (>= netstandard2.0) (>= xamarintvos)) (&& (>= netstandard2.0) (>= xamarinwatchos)) (>= xamarinios) (>= xamarinmac)
      System.Buffers (>= 4.5.1) - restriction: && (< monoandroid) (< net46) (< netcoreapp2.0) (>= netstandard2.0) (< netstandard2.1) (< xamarintvos) (< xamarinwatchos)
      System.Formats.Asn1 (>= 5.0) - restriction: || (&& (>= monoandroid) (< netstandard1.3)) (&& (< monoandroid) (< net46) (< netcoreapp2.0) (>= netstandard2.0) (< netstandard2.1)) (&& (< monoandroid) (>= netcoreapp2.0) (< netcoreapp2.1) (< netstandard2.1)) (>= monotouch) (&& (< netcoreapp2.0) (>= netstandard2.1)) (>= netcoreapp3.0) (>= uap10.1) (>= xamarinios) (>= xamarinmac) (>= xamarintvos) (>= xamarinwatchos)
      System.Memory (>= 4.5.4) - restriction: || (&& (< monoandroid) (< net46) (< netcoreapp2.0) (>= netstandard2.0) (< netstandard2.1) (< xamarintvos) (< xamarinwatchos)) (&& (< monoandroid) (>= netcoreapp2.0) (< netcoreapp2.1) (< netstandard2.1) (< xamarintvos) (< xamarinwatchos)) (>= uap10.1)
      System.Security.Cryptography.Cng (>= 5.0) - restriction: || (&& (< monoandroid) (< net46) (< netcoreapp2.0) (>= netstandard2.0) (< netstandard2.1) (< xamarintvos) (< xamarinwatchos)) (&& (< monoandroid) (>= netcoreapp2.0) (< netcoreapp2.1) (< netstandard2.1) (< xamarintvos) (< xamarinwatchos)) (&& (< monoandroid) (>= netcoreapp2.1) (< netstandard2.1) (< xamarintvos) (< xamarinwatchos)) (&& (< netcoreapp2.0) (>= netstandard2.1) (< xamarinios) (< xamarinmac) (< xamarintvos) (< xamarinwatchos)) (&& (>= netcoreapp3.0) (< xamarinios) (< xamarinmac) (< xamarintvos) (< xamarinwatchos))
    System.Security.Cryptography.Primitives (4.3) - restriction: || (&& (< net46) (>= net461) (>= netstandard1.6)) (&& (>= net461) (< netstandard1.4)) (&& (>= net461) (< netstandard1.6)) (>= net463)
    System.Security.Cryptography.Xml (5.0) - restriction: >= netstandard2.0
      System.Memory (>= 4.5.4) - restriction: && (< net461) (< netcoreapp2.1) (>= netstandard2.0) (< xamarinios) (< xamarinmac) (< xamarintvos) (< xamarinwatchos)
      System.Security.Cryptography.Pkcs (>= 5.0) - restriction: || (&& (>= monoandroid) (< netstandard2.0)) (>= monotouch) (&& (< net461) (>= netstandard2.0)) (>= netcoreapp2.1) (>= xamarinios) (>= xamarinmac) (>= xamarintvos) (>= xamarinwatchos)
      System.Security.Permissions (>= 5.0) - restriction: || (>= monoandroid) (>= monotouch) (>= net461) (>= netstandard2.0) (>= xamarintvos) (>= xamarinwatchos)
    System.Security.Permissions (5.0) - restriction: >= netstandard2.0
      System.Security.AccessControl (>= 5.0) - restriction: || (>= net461) (>= netstandard2.0)
      System.Windows.Extensions (>= 5.0) - restriction: >= netcoreapp3.0
    System.Security.Principal.Windows (5.0) - restriction: || (&& (>= monoandroid) (< netstandard1.3) (>= netstandard2.0)) (&& (< monoandroid) (>= netcoreapp2.0)) (&& (>= monotouch) (>= netstandard2.0)) (&& (< net46) (< netcoreapp2.0) (>= netstandard2.0)) (&& (>= net461) (>= netstandard2.0)) (&& (< net461) (< net5.0) (>= netstandard2.0)) (>= netcoreapp2.1) (&& (>= netstandard2.0) (>= uap10.1)) (&& (>= netstandard2.0) (>= xamarintvos)) (&& (>= netstandard2.0) (>= xamarinwatchos)) (>= xamarinios) (>= xamarinmac)
      Microsoft.NETCore.Platforms (>= 5.0) - restriction: || (&& (>= netcoreapp2.0) (< netcoreapp2.1)) (&& (>= netcoreapp2.1) (< netcoreapp3.0))
    System.Text.Encodings.Web (5.0.1) - restriction: || (&& (>= monoandroid) (>= netstandard2.1)) (&& (< monoandroid) (< net5.0) (>= netcoreapp3.0) (< xamarinios) (< xamarinmac) (< xamarintvos) (< xamarinwatchos)) (&& (< monoandroid) (>= netcoreapp2.0) (< netcoreapp2.1) (< netstandard2.1) (< xamarintvos) (< xamarinwatchos)) (&& (< monoandroid) (>= netcoreapp2.0) (< netcoreapp2.1) (< xamarinios) (< xamarinmac) (< xamarintvos) (< xamarinwatchos)) (&& (< monoandroid) (>= netcoreapp2.1) (< netcoreapp3.0) (< xamarinios) (< xamarinmac) (< xamarintvos) (< xamarinwatchos)) (&& (< monoandroid) (>= netcoreapp2.1) (< netstandard2.1) (< xamarintvos) (< xamarinwatchos)) (&& (< monoandroid) (>= netcoreapp3.0) (< netstandard2.1) (< xamarintvos) (< xamarinwatchos)) (&& (>= monotouch) (>= netstandard2.1)) (>= net461) (&& (< netcoreapp2.0) (>= netstandard2.1) (< xamarinios) (< xamarinmac) (< xamarintvos) (< xamarinwatchos)) (&& (< netcoreapp2.0) (>= xamarinios)) (&& (< netcoreapp2.0) (>= xamarinmac)) (>= netstandard2.0) (&& (>= netstandard2.1) (>= uap10.1)) (&& (>= netstandard2.1) (>= xamarintvos)) (&& (>= netstandard2.1) (>= xamarinwatchos))
      System.Buffers (>= 4.5.1) - restriction: || (&& (< net45) (< netcoreapp2.0) (>= netstandard2.0) (< netstandard2.1)) (>= net461)
      System.Memory (>= 4.5.4) - restriction: || (&& (< net45) (< netcoreapp2.0) (>= netstandard2.0) (< netstandard2.1)) (>= net461) (&& (>= netcoreapp2.0) (< netcoreapp2.1) (< netstandard2.1)) (>= uap10.1)
    System.Text.Json (5.0.2) - restriction: || (&& (>= monoandroid) (< netstandard1.3) (>= netstandard2.0)) (&& (>= monoandroid) (< netstandard2.0)) (&& (< monoandroid) (< net5.0) (>= netcoreapp2.1) (< xamarinios) (< xamarinmac) (< xamarintvos) (< xamarinwatchos)) (&& (< monoandroid) (>= netcoreapp2.0) (< netcoreapp2.1) (< xamarinios) (< xamarinmac) (< xamarintvos) (< xamarinwatchos)) (&& (< monoandroid) (>= netcoreapp2.1) (< netcoreapp3.0) (< xamarinios) (< xamarinmac) (< xamarintvos) (< xamarinwatchos)) (>= monotouch) (>= net461) (&& (< net5.0) (>= netstandard2.1)) (&& (< netcoreapp2.0) (>= netstandard2.0) (< xamarinios) (< xamarinmac) (< xamarintvos) (< xamarinwatchos)) (&& (< netcoreapp2.0) (>= xamarinios)) (&& (< netcoreapp2.0) (>= xamarinmac)) (&& (< netcoreapp3.0) (>= netstandard2.0)) (&& (< netcoreapp3.1) (>= netstandard2.1)) (&& (>= netstandard2.0) (< netstandard2.1)) (&& (< netstandard2.0) (>= xamarintvos)) (&& (< netstandard2.0) (>= xamarinwatchos)) (>= uap10.1)
      Microsoft.Bcl.AsyncInterfaces (>= 5.0) - restriction: || (&& (>= monoandroid) (< netstandard2.0)) (&& (< monoandroid) (>= netcoreapp2.0) (< netcoreapp2.1) (< xamarinios) (< xamarinmac) (< xamarintvos) (< xamarinwatchos)) (&& (< monoandroid) (>= netcoreapp2.1) (< netcoreapp3.0) (< xamarinios) (< xamarinmac) (< xamarintvos) (< xamarinwatchos)) (>= monotouch) (>= net461) (&& (< netcoreapp2.0) (>= netstandard2.0) (< xamarinios) (< xamarinmac) (< xamarintvos) (< xamarinwatchos)) (&& (< netcoreapp2.0) (>= xamarinios)) (&& (< netcoreapp2.0) (>= xamarinmac)) (&& (< netstandard2.0) (>= xamarintvos)) (&& (< netstandard2.0) (>= xamarinwatchos)) (>= uap10.1)
      System.Buffers (>= 4.5.1) - restriction: || (&& (>= monoandroid) (< netstandard2.0)) (>= monotouch) (>= net461) (&& (< netcoreapp2.0) (>= netstandard2.0) (< xamarinios) (< xamarinmac) (< xamarintvos) (< xamarinwatchos)) (&& (< netcoreapp2.0) (>= xamarinios)) (&& (< netcoreapp2.0) (>= xamarinmac)) (&& (< netstandard2.0) (>= xamarintvos)) (&& (< netstandard2.0) (>= xamarinwatchos))
      System.Memory (>= 4.5.4) - restriction: || (&& (< monoandroid) (>= netcoreapp2.0) (< netcoreapp2.1) (< xamarinios) (< xamarinmac) (< xamarintvos) (< xamarinwatchos)) (>= net461) (&& (< netcoreapp2.0) (>= netstandard2.0) (< xamarinios) (< xamarinmac) (< xamarintvos) (< xamarinwatchos)) (>= uap10.1)
      System.Numerics.Vectors (>= 4.5) - restriction: || (>= net461) (&& (< netcoreapp2.0) (>= netstandard2.0) (< xamarinios) (< xamarinmac) (< xamarintvos) (< xamarinwatchos))
      System.Runtime.CompilerServices.Unsafe (>= 5.0) - restriction: || (&& (>= monoandroid) (< netstandard2.0)) (&& (< monoandroid) (< net5.0) (>= netcoreapp3.0) (< xamarinios) (< xamarinmac) (< xamarintvos) (< xamarinwatchos)) (&& (< monoandroid) (>= netcoreapp2.0) (< netcoreapp2.1) (< xamarinios) (< xamarinmac) (< xamarintvos) (< xamarinwatchos)) (&& (< monoandroid) (>= netcoreapp2.1) (< netcoreapp3.0) (< xamarinios) (< xamarinmac) (< xamarintvos) (< xamarinwatchos)) (>= monotouch) (>= net461) (&& (< netcoreapp2.0) (>= netstandard2.0) (< xamarinios) (< xamarinmac) (< xamarintvos) (< xamarinwatchos)) (&& (< netcoreapp2.0) (>= xamarinios)) (&& (< netcoreapp2.0) (>= xamarinmac)) (&& (< netstandard2.0) (>= xamarintvos)) (&& (< netstandard2.0) (>= xamarinwatchos)) (>= uap10.1)
      System.Text.Encodings.Web (>= 5.0.1) - restriction: || (&& (>= monoandroid) (< netstandard2.0)) (&& (< monoandroid) (< net5.0) (>= netcoreapp3.0) (< xamarinios) (< xamarinmac) (< xamarintvos) (< xamarinwatchos)) (&& (< monoandroid) (>= netcoreapp2.0) (< netcoreapp2.1) (< xamarinios) (< xamarinmac) (< xamarintvos) (< xamarinwatchos)) (&& (< monoandroid) (>= netcoreapp2.1) (< netcoreapp3.0) (< xamarinios) (< xamarinmac) (< xamarintvos) (< xamarinwatchos)) (>= monotouch) (>= net461) (&& (< netcoreapp2.0) (>= netstandard2.0) (< xamarinios) (< xamarinmac) (< xamarintvos) (< xamarinwatchos)) (&& (< netcoreapp2.0) (>= xamarinios)) (&& (< netcoreapp2.0) (>= xamarinmac)) (&& (< netstandard2.0) (>= xamarintvos)) (&& (< netstandard2.0) (>= xamarinwatchos)) (>= uap10.1)
      System.Threading.Tasks.Extensions (>= 4.5.4) - restriction: || (&& (< monoandroid) (>= netcoreapp2.0) (< netcoreapp2.1) (< xamarinios) (< xamarinmac) (< xamarintvos) (< xamarinwatchos)) (>= net461) (&& (< netcoreapp2.0) (>= netstandard2.0) (< xamarinios) (< xamarinmac) (< xamarintvos) (< xamarinwatchos)) (>= uap10.1)
      System.ValueTuple (>= 4.5) - restriction: >= net461
    System.Threading (4.3) - restriction: || (&& (>= monoandroid) (>= netstandard1.1) (< netstandard2.0)) (>= monotouch) (&& (< net45) (>= net461) (< netstandard2.0)) (&& (< netstandard2.0) (>= xamarinios)) (&& (< netstandard2.0) (>= xamarinmac)) (&& (< netstandard2.0) (>= xamarintvos)) (&& (< netstandard2.0) (>= xamarinwatchos))
    System.Threading.Channels (5.0) - restriction: && (< netcoreapp3.1) (>= netstandard2.1)
    System.Threading.Tasks.Extensions (4.5.4) - restriction: || (&& (>= monoandroid) (< netstandard2.0) (>= netstandard2.1)) (&& (< monoandroid) (>= netcoreapp2.0) (< netcoreapp2.1) (< netstandard2.1) (< xamarintvos) (< xamarinwatchos)) (&& (< monoandroid) (>= netcoreapp2.0) (< netcoreapp2.1) (< xamarinios) (< xamarinmac) (< xamarintvos) (< xamarinwatchos)) (&& (>= monotouch) (>= netstandard2.0)) (&& (>= monotouch) (>= netstandard2.1)) (>= net461) (&& (< netcoreapp2.0) (>= netstandard2.0) (< netstandard2.1) (< xamarintvos) (< xamarinwatchos)) (&& (< netcoreapp2.0) (>= netstandard2.0) (< xamarinios) (< xamarinmac) (< xamarintvos) (< xamarinwatchos)) (&& (< netcoreapp2.0) (>= netstandard2.1) (< xamarinios) (< xamarinmac) (< xamarintvos) (< xamarinwatchos)) (&& (< netcoreapp2.0) (< netstandard2.1) (>= xamarinios)) (&& (< netcoreapp2.0) (< netstandard2.1) (>= xamarinmac)) (&& (< netcoreapp2.1) (>= netstandard2.0) (< netstandard2.1)) (&& (< netcoreapp3.0) (>= netstandard2.0)) (&& (< netcoreapp3.1) (>= netstandard2.0)) (&& (< netstandard2.0) (>= netstandard2.1) (>= xamarintvos)) (&& (< netstandard2.0) (>= netstandard2.1) (>= xamarinwatchos)) (>= uap10.1)
      System.Runtime.CompilerServices.Unsafe (>= 4.5.3) - restriction: || (&& (< monoandroid) (< monotouch) (< net45) (>= netstandard1.0) (< netstandard2.0) (< win8) (< wpa81) (< xamarintvos) (< xamarinwatchos)) (&& (< monoandroid) (< netstandard1.0) (>= portable-net45+win8+wp8+wpa81) (< win8)) (&& (>= net45) (< netstandard2.0)) (&& (< net45) (< netcoreapp2.1) (>= netstandard2.0) (< xamarinios) (< xamarinmac) (< xamarintvos) (< xamarinwatchos)) (>= net461) (&& (< netstandard1.0) (>= win8)) (&& (< netstandard2.0) (>= wpa81)) (>= wp8)
    System.ValueTuple (4.5) - restriction: >= net461
    System.Windows.Extensions (5.0) - restriction: >= netcoreapp3.0
      System.Drawing.Common (>= 5.0) - restriction: >= netcoreapp3.0
